GEM
  remote: https://rubygems.org/
  specs:
    OptionParser (0.5.1)
    coderay (1.1.0)
    diff-lcs (1.2.5)
    dotenv (0.9.0)
    ffi (1.9.3)
    foreman (0.63.0)
      dotenv (>= 0.7)
      thor (>= 0.13.6)
    jenkins_api_client (0.14.1)
      json
      mixlib-shellout (>= 1.1.0)
      nokogiri (~> 1.5.0)
      terminal-table (>= 1.4.0)
      thor (>= 0.16.0)
    json (1.8.1)
    method_source (0.8.2)
    mixlib-shellout (1.3.0)
    nokogiri (1.5.11)
    pi_piper (1.3.2)
      ffi
    pry (0.9.12.4)
      coderay (~> 1.0)
      method_source (~> 0.8)
      slop (~> 3.4)
    rake (10.1.1)
    rspec (2.14.1)
      rspec-core (~> 2.14.0)
      rspec-expectations (~> 2.14.0)
      rspec-mocks (~> 2.14.0)
    rspec-core (2.14.7)
    rspec-expectations (2.14.4)
      diff-lcs (>= 1.1.3, < 2.0)
    rspec-mocks (2.14.4)
    slop (3.4.7)
    terminal-table (1.4.5)
    thor (0.18.1)

PLATFORMS
  ruby

DEPENDENCIES
  OptionParser (~> 0.5.1)
  foreman
  jenkins_api_client (~> 0.14.1)
  pi_piper (~> 1.3.2)
  pry
  rake
  rspec
